GEM
  remote: http://rubygems.org/
  specs:
    httparty (0.10.2)
      multi_json (~> 1.0)
      multi_xml (>= 0.5.2)
    mime-types (1.19)
    multi_json (1.5.0)
    multi_xml (0.5.2)
    rack (1.5.1)
    rack-protection (1.3.2)
      rack
    rest-client (1.6.7)
      mime-types (>= 1.16)
    sinatra (1.3.4)
      rack (~> 1.4)
      rack-protection (~> 1.3)
      tilt (~> 1.3, >= 1.3.3)
    tilt (1.3.3)

PLATFORMS
  java

DEPENDENCIES
  httparty
  rest-client
  sinatra
